PATH
  remote: .
  specs:
    aliyun-oss (0.1.1)
      httpclient (~> 2.3.0)

GEM
  remote: http://ruby.taobao.org/
  specs:
    httpclient (2.3.4.1)

PLATFORMS
  ruby

DEPENDENCIES
  aliyun-oss!
