PATH
  remote: .
  specs:
    aliyun-oss (0.1.0)
      multi_xml (~> 0.5)
      rest-client (~> 1.6)

GEM
  remote: http://ruby.taobao.org/
  specs:
    diff-lcs (1.2.5)
    mime-types (2.0)
    multi_xml (0.5.5)
    rest-client (1.6.7)
      mime-types (>= 1.16)
    rspec (2.14.1)
      rspec-core (~> 2.14.0)
      rspec-expectations (~> 2.14.0)
      rspec-mocks (~> 2.14.0)
    rspec-core (2.14.7)
    rspec-expectations (2.14.4)
      diff-lcs (>= 1.1.3, < 2.0)
    rspec-mocks (2.14.4)

PLATFORMS
  ruby

DEPENDENCIES
  aliyun-oss!
  rspec (~> 2.4)
